GEM
  remote: http://rubygems.org/
  specs:
    addressable (2.2.7)
    execjs (1.3.0)
      multi_json (~> 1.0)
    faraday (0.7.6)
      addressable (~> 2.2)
      multipart-post (~> 1.1)
      rack (~> 1.1)
    multi_json (1.1.0)
    multipart-post (1.1.5)
    rack (1.4.1)
    uglifier (1.2.3)
      execjs (>= 0.3.0)
      multi_json (>= 1.0.2)

PLATFORMS
  ruby

DEPENDENCIES
  faraday
  uglifier
